GEM
  remote: https://rubygems.org/
  specs:
    chingu (0.9rc9)
      gosu (>= 0.7.45)
    gosu (1.2.0)
    psych (3.3.2)

PLATFORMS
  ruby

DEPENDENCIES
  chingu
  gosu
  psych (~> 3.3.1)

BUNDLED WITH
   2.2.19
